GEM
  remote: https://rubygems.org/
  specs:
    lerolero_generator (1.0.1)

PLATFORMS
  ruby

DEPENDENCIES
  lerolero_generator (~> 1.0, >= 1.0.1)

BUNDLED WITH
   1.17.3
